GEM
  remote: https://rubygems.org/
  specs:
    clap (1.0.0)
    cuba (3.8.0)
      rack (>= 1.6.0)
    cutest (1.2.3)
      clap
    daemons (1.2.4)
    eventmachine (1.2.0.1)
    rack (2.0.1)
    rack-test (0.6.3)
      rack (>= 1.0)
    slim (3.0.7)
      temple (~> 0.7.6)
      tilt (>= 1.3.3, < 2.1)
    temple (0.7.7)
    thin (1.7.0)
      daemons (~> 1.0, >= 1.0.9)
      eventmachine (~> 1.0, >= 1.0.4)
      rack (>= 1, < 3)
    tilt (2.0.5)

PLATFORMS
  ruby

DEPENDENCIES
  cuba
  cutest
  rack-test
  slim
  thin

BUNDLED WITH
   1.12.5
