GEM
  remote: https://rubygems.org/
  specs:
    clap (1.0.0)
    cuba (3.8.0)
      rack (>= 1.6.0)
    cutest (1.2.3)
      clap
    rack (2.0.1)
    rack-test (0.6.3)
      rack (>= 1.0)

PLATFORMS
  ruby

DEPENDENCIES
  cuba
  cutest
  rack-test

BUNDLED WITH
   1.12.5
